GIT
  remote: git://github.com/braintree/curator.git
  revision: ea52e3798ea37d676f57c4578ea3870dfd3e336f
  specs:
    curator (0.9.0)
      activemodel (>= 3.0.0)
      activesupport (>= 3.0.0)
      json
      riak-client (>= 1.0.0)

GEM
  remote: http://rubygems.org/
  specs:
    activemodel (3.2.9)
      activesupport (= 3.2.9)
      builder (~> 3.0.0)
    activesupport (3.2.9)
      i18n (~> 0.6)
      multi_json (~> 1.0)
    aws-sdk (1.8.0)
      httparty (~> 0.7)
      json (~> 1.4)
      nokogiri (>= 1.4.4)
      uuidtools (~> 2.1)
    beefcake (0.3.7)
    bson (1.6.0)
    bson_ext (1.6.0)
      bson (= 1.6.0)
    builder (3.0.4)
    daemons (1.1.9)
    diff-lcs (1.1.3)
    eventmachine (1.0.0)
    faraday (0.8.4)
      multipart-post (~> 1.1)
    faraday_middleware (0.9.0)
      faraday (>= 0.7.4, < 0.9)
    fastimage (1.2.13)
    hashie (1.2.0)
    httparty (0.9.0)
      multi_json (~> 1.0)
      multi_xml
    httpauth (0.2.0)
    i18n (0.6.1)
    innertube (1.0.2)
    json (1.7.6)
    jwt (0.1.5)
      multi_json (>= 1.0)
    mongo (1.6.0)
      bson (= 1.6.0)
    multi_json (1.5.0)
    multi_xml (0.5.1)
    multipart-post (1.1.5)
    nokogiri (1.5.6)
    oauth2 (0.8.0)
      faraday (~> 0.8)
      httpauth (~> 0.1)
      jwt (~> 0.1.4)
      multi_json (~> 1.0)
      rack (~> 1.2)
    omniauth (1.1.1)
      hashie (~> 1.2)
      rack
    omniauth-appdotnet (0.0.2)
      omniauth (~> 1.0)
      omniauth-oauth2 (~> 1.0)
    omniauth-oauth2 (1.1.1)
      oauth2 (~> 0.8.0)
      omniauth (~> 1.0)
    rack (1.4.1)
    rack-protection (1.3.2)
      rack
    rack_csrf (2.4.0)
      rack (>= 0.9)
    redcarpet (2.2.2)
    riak-client (1.1.0)
      beefcake (~> 0.3.7)
      builder (>= 2.1.2)
      i18n (>= 0.4.0)
      innertube (~> 1.0.2)
      multi_json (~> 1.0)
    rspec (2.12.0)
      rspec-core (~> 2.12.0)
      rspec-expectations (~> 2.12.0)
      rspec-mocks (~> 2.12.0)
    rspec-core (2.12.2)
    rspec-expectations (2.12.1)
      diff-lcs (~> 1.1.3)
    rspec-mocks (2.12.1)
    rufus-scheduler (2.0.17)
      tzinfo (>= 0.3.23)
    shotgun (0.9)
      rack (>= 1.0)
    sinatra (1.3.3)
      rack (~> 1.3, >= 1.3.6)
      rack-protection (~> 1.2)
      tilt (~> 1.3, >= 1.3.3)
    sinatra-flash (0.3.0)
      sinatra (>= 1.0.0)
    slim (1.3.5)
      temple (~> 0.5.5)
      tilt (~> 1.3.3)
    temple (0.5.5)
    thin (1.5.0)
      daemons (>= 1.0.9)
      eventmachine (>= 0.12.6)
      rack (>= 1.0.0)
    tilt (1.3.3)
    tzinfo (0.3.35)
    uuidtools (2.1.3)

PLATFORMS
  ruby

DEPENDENCIES
  aws-sdk
  bson_ext (= 1.6.0)
  builder (~> 3.0.0)
  curator!
  faraday
  faraday_middleware
  fastimage
  mongo (= 1.6.0)
  omniauth
  omniauth-appdotnet
  rack_csrf
  redcarpet
  rspec
  rufus-scheduler
  shotgun
  sinatra
  sinatra-flash
  slim
  thin
